PATH
  remote: .
  specs:
    simple_enum (1.6.2)
      activesupport (>= 3.0.0)

GEM
  remote: http://rubygems.org/
  specs:
    activemodel (3.2.0)
      activesupport (= 3.2.0)
      builder (~> 3.0.0)
    activerecord (3.2.0)
      activemodel (= 3.2.0)
      activesupport (= 3.2.0)
      arel (~> 3.0.0)
      tzinfo (~> 0.3.29)
    activesupport (3.2.0)
      i18n (~> 0.6)
      multi_json (~> 1.0)
    arel (3.0.0)
    bson (1.5.2)
    bson (1.5.2-java)
    bson_ext (1.5.2)
      bson (= 1.5.2)
    builder (3.0.0)
    i18n (0.6.0)
    minitest (2.10.1)
    mongo (1.5.2)
      bson (= 1.5.2)
    mongoid (2.4.1)
      activemodel (~> 3.1)
      mongo (~> 1.3)
      tzinfo (~> 0.3.22)
    multi_json (1.0.4)
    rake (0.9.2.2)
    sqlite3 (1.3.5)
    tzinfo (0.3.31)

PLATFORMS
  java
  ruby

DEPENDENCIES
  activerecord (>= 3.0.0)
  activerecord-jdbcsqlite3-adapter
  bson_ext
  minitest (>= 2.3.0)
  mongoid (~> 2.0)
  rake (>= 0.9.2)
  simple_enum!
  sqlite3
